NUGET
  remote: https://www.nuget.org/api/v2
  specs:
    FSharp.Control.AsyncSeq (2.0.3) - framework: >= net45
    FSharp.Core (4.0.0.1) - framework: >= net45
    FSharpx.Async (1.12.0) - framework: >= net45
      FSharp.Control.AsyncSeq
    FSharpx.Collections (1.13.4) - framework: >= net45
      FSharp.Core (>= 3.0.0)
    FSharpx.Extras (1.10.3) - framework: >= net45
      FSharpx.Async (>= 1.12)
      FSharpx.Collections (>= 1.10.1)
    FsUnit.xUnit (1.4.1) - framework: >= net45
      FSharp.Core (>= 3.1.2.5)
      xunit (2.1.0)
    Fuchu (1.0.3) - framework: >= net45
      FSharp.Core (>= 3.1.2.1)
    xunit (2.1.0) - framework: >= net45
      xunit.assert (2.1.0)
      xunit.core (2.1.0)
    xunit.abstractions (2.0.0) - framework: >= net45
    xunit.assert (2.1.0) - framework: >= net45
    xunit.core (2.1.0) - framework: >= net45
      xunit.extensibility.core (2.1.0) - framework: >= net45, dnx451, dnxcore50, monoandroid, monotouch, portable-net45+win80+wp80+wpa81, xamarinios, winv4.5, wpv8.1, wpv8.0
      xunit.extensibility.execution (2.1.0) - framework: >= net45, dnx451, dnxcore50, monoandroid, monotouch, portable-net45+win80+wp80+wpa81, xamarinios, winv4.5, wpv8.1, wpv8.0
    xunit.extensibility.core (2.1.0) - framework: >= net45
      xunit.abstractions (2.0.0)
    xunit.extensibility.execution (2.1.0) - framework: >= net45
      xunit.extensibility.core (2.1.0) - framework: >= net45, dnx451, dnxcore50, monoandroid, monotouch, xamarinios, winv4.5, wpv8.1, wpv8.0
    xunit.runner.console (2.1.0) - framework: >= net45
    xunit.runner.visualstudio (2.1.0) - version_in_path: true

GROUP Build
NUGET
  remote: https://www.nuget.org/api/v2
  specs:
    FAKE (4.20.0)
